PATH
  remote: .
  specs:
    change_log (1.0.5)

GEM
  remote: http://rubygems.org/
  specs:
    rake (10.0.3)

PLATFORMS
  ruby

DEPENDENCIES
  change_log!
  rake
